GEM
  remote: http://rubygems.org/
  specs:
    OptionParser (0.5.1)
    nokogiri (1.5.2)

PLATFORMS
  ruby

DEPENDENCIES
  OptionParser
  nokogiri
